PATH
  remote: .
  specs:
    sorbet-cfg (0.1.0)
      sorbet

GEM
  remote: https://rubygems.org/
  specs:
    diff-lcs (1.3)
    parslet (1.8.2)
    rake (10.5.0)
    rspec (3.9.0)
      rspec-core (~> 3.9.0)
      rspec-expectations (~> 3.9.0)
      rspec-mocks (~> 3.9.0)
    rspec-core (3.9.0)
      rspec-support (~> 3.9.0)
    rspec-expectations (3.9.0)
      diff-lcs (>= 1.2.0, < 2.0)
      rspec-support (~> 3.9.0)
    rspec-mocks (3.9.0)
      diff-lcs (>= 1.2.0, < 2.0)
      rspec-support (~> 3.9.0)
    rspec-support (3.9.0)
    sorbet (0.4.4997)
      sorbet-static (= 0.4.4997)
    sorbet-static (0.4.4997-universal-darwin-14)

PLATFORMS
  ruby

DEPENDENCIES
  bundler (~> 2.0)
  parslet (~> 1.8)
  rake (~> 10.0)
  rspec (~> 3.9)
  sorbet-cfg!

BUNDLED WITH
   2.0.2
